GEM
  remote: http://rubygems.org/
  specs:
    chunky_png (1.2.6)
    compass (0.12.2)
      chunky_png (~> 1.2)
      fssm (>= 0.2.7)
      sass (~> 3.1)
    fssm (0.2.9)
    rake (0.9.6)
    redcarpet (2.2.2)
    sass (3.2.4)
    stringex (1.4.0)

PLATFORMS
  ruby

DEPENDENCIES
  compass (~> 0.12.2)
  rake (~> 0.9)
  redcarpet (~> 2.2.2)
  stringex (~> 1.4.0)
